GEM
  remote: https://rubygems.org/
  specs:
    arduino (0.4)
      serialport (>= 1.0.4)
    columnize (0.3.6)
    debugger (1.2.0)
      columnize (>= 0.3.1)
      debugger-linecache (~> 1.1.1)
      debugger-ruby_core_source (~> 1.1.3)
    debugger-linecache (1.1.2)
      debugger-ruby_core_source (>= 1.1.1)
    debugger-ruby_core_source (1.1.3)
    nokogiri (1.5.5)
    serialport (1.1.0)
    yahoo_weatherman (1.1.5)
      nokogiri

PLATFORMS
  ruby

DEPENDENCIES
  arduino
  debugger
  serialport
  yahoo_weatherman
